PATH
  remote: .
  specs:
    bibtex-ruby (5.0.1)
      latex-decode (~> 0.0)

GEM
  remote: https://rubygems.org/
  specs:
    ast (2.4.0)
    backports (3.15.0)
    builder (3.2.4)
    byebug (11.0.1)
    concurrent-ruby (1.1.5)
    coveralls (0.7.2)
      multi_json (~> 1.3)
      rest-client (= 1.6.7)
      simplecov (>= 0.7)
      term-ansicolor (= 1.2.2)
      thor (= 0.18.1)
    cucumber (3.1.2)
      builder (>= 2.1.2)
      cucumber-core (~> 3.2.0)
      cucumber-expressions (~> 6.0.1)
      cucumber-wire (~> 0.0.1)
      diff-lcs (~> 1.3)
      gherkin (~> 5.1.0)
      multi_json (>= 1.7.5, < 2.0)
      multi_test (>= 0.1.2)
    cucumber-core (3.2.1)
      backports (>= 3.8.0)
      cucumber-tag_expressions (~> 1.1.0)
      gherkin (~> 5.0)
    cucumber-expressions (6.0.1)
    cucumber-tag_expressions (1.1.1)
    cucumber-wire (0.0.1)
    diff-lcs (1.3)
    docile (1.3.2)
    gherkin (5.1.0)
    gnuplot (2.6.2)
    hamster (3.0.0)
      concurrent-ruby (~> 1.0)
    iconv (1.0.8)
    jaro_winkler (1.5.4)
    json (2.3.0)
    latex-decode (0.3.1)
    link_header (0.0.8)
    mime-types (3.3.1)
      mime-types-data (~> 3.2015)
    mime-types-data (3.2019.1009)
    minitest (5.14.0)
    multi_json (1.14.1)
    multi_test (0.1.2)
    parallel (1.19.1)
    parser (2.7.0.2)
      ast (~> 2.4.0)
    rainbow (3.0.0)
    rake (13.0.1)
    rdf (2.0.2)
      hamster (~> 3.0)
      link_header (~> 0.0, >= 0.0.8)
    rdf-vocab (2.0.2)
      rdf (~> 2.0)
    redcarpet (3.5.0)
    rest-client (1.6.7)
      mime-types (>= 1.16)
    rubocop (0.79.0)
      jaro_winkler (~> 1.5.1)
      parallel (~> 1.10)
      parser (>= 2.7.0.1)
      rainbow (>= 2.2.2, < 4.0)
      ruby-progressbar (~> 1.7)
      unicode-display_width (>= 1.4.0, < 1.7)
    ruby-prof (1.1.0)
    ruby-progressbar (1.10.1)
    simplecov (0.17.1)
      docile (~> 1.1)
      json (>= 1.8, < 3)
      simplecov-html (~> 0.10.0)
    simplecov-html (0.10.2)
    term-ansicolor (1.2.2)
      tins (~> 0.8)
    thor (0.18.1)
    tins (0.13.2)
    unicode (0.4.4.4)
    unicode-display_width (1.6.1)
    yard (0.9.24)

PLATFORMS
  ruby

DEPENDENCIES
  bibtex-ruby!
  byebug
  coveralls
  cucumber
  gnuplot
  iconv
  json (~> 2.0)
  minitest
  rake
  rdf (~> 2.0.0)
  rdf-vocab (~> 2.0.0)
  redcarpet
  rubocop
  ruby-debug
  ruby-prof
  simplecov
  unicode (~> 0.4)
  yard

BUNDLED WITH
   2.1.4
